GEM
  remote: https://rubygems.org/
  specs:
    Ascii85 (1.0.2)
    afm (0.2.2)
    childprocess (0.5.8)
      ffi (~> 1.0, >= 1.0.11)
    docsplit (0.7.6)
    ffi (1.9.10)
    hashery (2.1.1)
    multi_json (1.11.2)
    pdf-reader (1.3.3)
      Ascii85 (~> 1.0.0)
      afm (~> 0.2.0)
      hashery (~> 2.0)
      ruby-rc4
      ttfunk
    ruby-rc4 (0.1.5)
    rubyzip (1.1.7)
    selenium-webdriver (2.48.1)
      childprocess (~> 0.5)
      multi_json (~> 1.0)
      rubyzip (~> 1.0)
      websocket (~> 1.0)
    ttfunk (1.4.0)
    websocket (1.2.2)

PLATFORMS
  ruby

DEPENDENCIES
  docsplit
  pdf-reader
  selenium-webdriver

BUNDLED WITH
   1.10.6
